GEM
  remote: https://rubygems.org/
  specs:
    blankslate (2.1.2.4)
    bluecloth (2.2.0)
    daemons (1.1.9)
    eventmachine (1.0.0)
    gli (1.6.0)
    json (1.7.5)
    nokogiri (1.5.5)
    parslet (1.4.0)
      blankslate (~> 2.0)
    pdfkit (0.5.0)
    rack (1.4.1)
    rack-protection (1.2.0)
      rack
    redcarpet (2.1.1)
    rmagick (2.13.1)
    showoff (0.7.0)
      gli (>= 1.3.2)
      json
      nokogiri
      parslet
      redcarpet
      sinatra (~> 1.3)
    sinatra (1.3.3)
      rack (~> 1.3, >= 1.3.6)
      rack-protection (~> 1.2)
      tilt (~> 1.3, >= 1.3.3)
    thin (1.5.0)
      daemons (>= 1.0.9)
      eventmachine (>= 0.12.6)
      rack (>= 1.0.0)
    tilt (1.3.3)

PLATFORMS
  ruby

DEPENDENCIES
  blankslate (= 2.1.2.4)
  bluecloth (= 2.2.0)
  gli (= 1.6.0)
  json (= 1.7.5)
  nokogiri (= 1.5.5)
  parslet (= 1.4.0)
  pdfkit (= 0.5.0)
  rack (= 1.4.1)
  rack-protection (= 1.2.0)
  redcarpet (= 2.1.1)
  rmagick (= 2.13.1)
  showoff (= 0.7.0)
  sinatra (= 1.3.3)
  thin
  tilt (= 1.3.3)
