GEM
  remote: https://rubygems.org/
  specs:
    addressable (2.3.8)
    blankslate (3.1.3)
    daemons (1.2.3)
    em-websocket (0.3.8)
      addressable (>= 2.1.1)
      eventmachine (>= 0.12.9)
      eventmachine (>= 0.12.9)
      eventmachine (>= 0.12.9)
      eventmachine (>= 0.12.9)
      eventmachine (>= 0.12.9)
      eventmachine (>= 0.12.9)
      eventmachine (>= 0.12.9)
      eventmachine (>= 0.12.9)
      eventmachine (>= 0.12.9)
      eventmachine (>= 0.12.9)
      eventmachine (>= 0.12.9)
      eventmachine (>= 0.12.9)
      eventmachine (>= 0.12.9)
      eventmachine (>= 0.12.9)
      eventmachine (>= 0.12.9)
      eventmachine (>= 0.12.9)
      eventmachine (>= 0.12.9)
      eventmachine (>= 0.12.9)
      eventmachine (>= 0.12.9)
      eventmachine (>= 0.12.9)
      eventmachine (>= 0.12.9)
      eventmachine (>= 0.12.9)
      eventmachine (>= 0.12.9)
      eventmachine (>= 0.12.9)
      eventmachine (>= 0.12.9)
      eventmachine (>= 0.12.9)
      eventmachine (>= 0.12.9)
      eventmachine (>= 0.12.9)
      eventmachine (>= 0.12.9)
      eventmachine (>= 0.12.9)
      eventmachine (>= 0.12.9)
      eventmachine (>= 0.12.9)
      eventmachine (>= 0.12.9)
      eventmachine (>= 0.12.9)
      eventmachine (>= 0.12.9)
      eventmachine (>= 0.12.9)
      eventmachine (>= 0.12.9)
      eventmachine (>= 0.12.9)
      eventmachine (>= 0.12.9)
      eventmachine (>= 0.12.9)
      eventmachine (>= 0.12.9)
      eventmachine (>= 0.12.9)
      eventmachine (>= 0.12.9)
      eventmachine (>= 0.12.9)
      eventmachine (>= 0.12.9)
      eventmachine (>= 0.12.9)
      eventmachine (>= 0.12.9)
      eventmachine (>= 0.12.9)
      eventmachine (>= 0.12.9)
      eventmachine (>= 0.12.9)
      eventmachine (>= 0.12.9)
      eventmachine (>= 0.12.9)
      eventmachine (>= 0.12.9)
      eventmachine (>= 0.12.9)
      eventmachine (>= 0.12.9)
      eventmachine (>= 0.12.9)
      eventmachine (>= 0.12.9)
      eventmachine (>= 0.12.9)
      eventmachine (>= 0.12.9)
      eventmachine (>= 0.12.9)
      eventmachine (>= 0.12.9)
      eventmachine (>= 0.12.9)
      eventmachine (>= 0.12.9)
      eventmachine (>= 0.12.9)
      eventmachine (>= 0.12.9)
      eventmachine (>= 0.12.9)
      eventmachine (>= 0.12.9)
      eventmachine (>= 0.12.9)
      eventmachine (>= 0.12.9)
      eventmachine (>= 0.12.9)
      eventmachine (>= 0.12.9)
      eventmachine (>= 0.12.9)
      eventmachine (>= 0.12.9)
      eventmachine (>= 0.12.9)
      eventmachine (>= 0.12.9)
      eventmachine (>= 0.12.9)
      eventmachine (>= 0.12.9)
      eventmachine (>= 0.12.9)
      eventmachine (>= 0.12.9)
      eventmachine (>= 0.12.9)
      eventmachine (>= 0.12.9)
      eventmachine (>= 0.12.9)
      eventmachine (>= 0.12.9)
      eventmachine (>= 0.12.9)
      eventmachine (>= 0.12.9)
      eventmachine (>= 0.12.9)
      eventmachine (>= 0.12.9)
      eventmachine (>= 0.12.9)
      eventmachine (>= 0.12.9)
      eventmachine (>= 0.12.9)
      eventmachine (>= 0.12.9)
      eventmachine (>= 0.12.9)
      eventmachine (>= 0.12.9)
      eventmachine (>= 0.12.9)
      eventmachine (>= 0.12.9)
      eventmachine (>= 0.12.9)
      eventmachine (>= 0.12.9)
      eventmachine (>= 0.12.9)
      eventmachine (>= 0.12.9)
      eventmachine (>= 0.12.9)
      eventmachine (>= 0.12.9)
      eventmachine (>= 0.12.9)
      eventmachine (>= 0.12.9)
      eventmachine (>= 0.12.9)
      eventmachine (>= 0.12.9)
      eventmachine (>= 0.12.9)
      eventmachine (>= 0.12.9)
      eventmachine (>= 0.12.9)
      eventmachine (>= 0.12.9)
      eventmachine (>= 0.12.9)
      eventmachine (>= 0.12.9)
      eventmachine (>= 0.12.9)
      eventmachine (>= 0.12.9)
      eventmachine (>= 0.12.9)
      eventmachine (>= 0.12.9)
      eventmachine (>= 0.12.9)
      eventmachine (>= 0.12.9)
      eventmachine (>= 0.12.9)
      eventmachine (>= 0.12.9)
      eventmachine (>= 0.12.9)
      eventmachine (>= 0.12.9)
      eventmachine (>= 0.12.9)
      eventmachine (>= 0.12.9)
      eventmachine (>= 0.12.9)
      eventmachine (>= 0.12.9)
      eventmachine (>= 0.12.9)
      eventmachine (>= 0.12.9)
      eventmachine (>= 0.12.9)
      eventmachine (>= 0.12.9)
      eventmachine (>= 0.12.9)
      eventmachine (>= 0.12.9)
      eventmachine (>= 0.12.9)
      eventmachine (>= 0.12.9)
      eventmachine (>= 0.12.9)
      eventmachine (>= 0.12.9)
      eventmachine (>= 0.12.9)
      eventmachine (>= 0.12.9)
      eventmachine (>= 0.12.9)
      eventmachine (>= 0.12.9)
      eventmachine (>= 0.12.9)
      eventmachine (>= 0.12.9)
      eventmachine (>= 0.12.9)
      eventmachine (>= 0.12.9)
      eventmachine (>= 0.12.9)
      eventmachine (>= 0.12.9)
      eventmachine (>= 0.12.9)
      eventmachine (>= 0.12.9)
      eventmachine (>= 0.12.9)
      eventmachine (>= 0.12.9)
      eventmachine (>= 0.12.9)
      eventmachine (>= 0.12.9)
      eventmachine (>= 0.12.9)
      eventmachine (>= 0.12.9)
      eventmachine (>= 0.12.9)
      eventmachine (>= 0.12.9)
      eventmachine (>= 0.12.9)
      eventmachine (>= 0.12.9)
      eventmachine (>= 0.12.9)
      eventmachine (>= 0.12.9)
      eventmachine (>= 0.12.9)
      eventmachine (>= 0.12.9)
      eventmachine (>= 0.12.9)
      eventmachine (>= 0.12.9)
      eventmachine (>= 0.12.9)
      eventmachine (>= 0.12.9)
      eventmachine (>= 0.12.9)
      eventmachine (>= 0.12.9)
      eventmachine (>= 0.12.9)
      eventmachine (>= 0.12.9)
      eventmachine (>= 0.12.9)
      eventmachine (>= 0.12.9)
      eventmachine (>= 0.12.9)
      eventmachine (>= 0.12.9)
      eventmachine (>= 0.12.9)
      eventmachine (>= 0.12.9)
      eventmachine (>= 0.12.9)
      eventmachine (>= 0.12.9)
      eventmachine (>= 0.12.9)
      eventmachine (>= 0.12.9)
      eventmachine (>= 0.12.9)
      eventmachine (>= 0.12.9)
      eventmachine (>= 0.12.9)
      eventmachine (>= 0.12.9)
      eventmachine (>= 0.12.9)
      eventmachine (>= 0.12.9)
      eventmachine (>= 0.12.9)
      eventmachine (>= 0.12.9)
      eventmachine (>= 0.12.9)
      eventmachine (>= 0.12.9)
      eventmachine (>= 0.12.9)
      eventmachine (>= 0.12.9)
      eventmachine (>= 0.12.9)
      eventmachine (>= 0.12.9)
      eventmachine (>= 0.12.9)
      eventmachine (>= 0.12.9)
      eventmachine (>= 0.12.9)
      eventmachine (>= 0.12.9)
      eventmachine (>= 0.12.9)
      eventmachine (>= 0.12.9)
      eventmachine (>= 0.12.9)
      eventmachine (>= 0.12.9)
      eventmachine (>= 0.12.9)
      eventmachine (>= 0.12.9)
      eventmachine (>= 0.12.9)
      eventmachine (>= 0.12.9)
      eventmachine (>= 0.12.9)
      eventmachine (>= 0.12.9)
      eventmachine (>= 0.12.9)
      eventmachine (>= 0.12.9)
      eventmachine (>= 0.12.9)
      eventmachine (>= 0.12.9)
      eventmachine (>= 0.12.9)
      eventmachine (>= 0.12.9)
      eventmachine (>= 0.12.9)
      eventmachine (>= 0.12.9)
      eventmachine (>= 0.12.9)
      eventmachine (>= 0.12.9)
      eventmachine (>= 0.12.9)
      eventmachine (>= 0.12.9)
      eventmachine (>= 0.12.9)
      eventmachine (>= 0.12.9)
      eventmachine (>= 0.12.9)
      eventmachine (>= 0.12.9)
      eventmachine (>= 0.12.9)
      eventmachine (>= 0.12.9)
      eventmachine (>= 0.12.9)
      eventmachine (>= 0.12.9)
      eventmachine (>= 0.12.9)
      eventmachine (>= 0.12.9)
      eventmachine (>= 0.12.9)
      eventmachine (>= 0.12.9)
      eventmachine (>= 0.12.9)
      eventmachine (>= 0.12.9)
      eventmachine (>= 0.12.9)
      eventmachine (>= 0.12.9)
      eventmachine (>= 0.12.9)
      eventmachine (>= 0.12.9)
      eventmachine (>= 0.12.9)
      eventmachine (>= 0.12.9)
      eventmachine (>= 0.12.9)
      eventmachine (>= 0.12.9)
      eventmachine (>= 0.12.9)
      eventmachine (>= 0.12.9)
      eventmachine (>= 0.12.9)
    eventmachine (1.0.8)
    gli (2.13.2)
    htmlentities (4.3.4)
    json (1.8.3)
    mini_portile (0.6.2)
    nokogiri (1.6.6.2)
      mini_portile (~> 0.6.0)
    parslet (1.7.1)
      blankslate (>= 2.0, <= 4.0)
    rack (1.6.4)
    rack-protection (1.5.3)
      rack
    redcarpet (3.3.2)
    showoff (0.10.2)
      gli (>= 1.3.2)
      htmlentities
      json
      nokogiri
      parslet
      redcarpet
      sinatra (~> 1.3)
      sinatra-websocket
      thin (~> 1.3)
    sinatra (1.4.6)
      rack (~> 1.4)
      rack-protection (~> 1.4)
      tilt (>= 1.3, < 3)
    sinatra-websocket (0.3.1)
      em-websocket (~> 0.3.6)
      eventmachine
      thin (>= 1.3.1, < 2.0.0)
    thin (1.6.3)
      daemons (~> 1.0, >= 1.0.9)
      eventmachine (~> 1.0)
      rack (~> 1.0)
    tilt (2.0.1)

PLATFORMS
  ruby

DEPENDENCIES
  showoff (~> 0.10.2)
